PATH
  remote: .
  specs:
    scaleway (1.0.2)
      faraday (~> 0.9.1)
      faraday_middleware (~> 0.9.1)
      recursive-open-struct (~> 1.0)

GEM
  remote: https://rubygems.org/
  specs:
    diff-lcs (1.3)
    faraday (0.9.2)
      multipart-post (>= 1.2, < 3)
    faraday_middleware (0.9.2)
      faraday (>= 0.7.4, < 0.10)
    its (0.2.0)
      rspec-core
    multipart-post (2.0.0)
    rake (10.5.0)
    recursive-open-struct (1.0.4)
    rspec (3.5.0)
      rspec-core (~> 3.5.0)
      rspec-expectations (~> 3.5.0)
      rspec-mocks (~> 3.5.0)
    rspec-core (3.5.4)
      rspec-support (~> 3.5.0)
    rspec-expectations (3.5.0)
      diff-lcs (>= 1.2.0, < 2.0)
      rspec-support (~> 3.5.0)
    rspec-mocks (3.5.0)
      diff-lcs (>= 1.2.0, < 2.0)
      rspec-support (~> 3.5.0)
    rspec-support (3.5.0)

PLATFORMS
  ruby

DEPENDENCIES
  its (~> 0.2)
  rake (~> 10.1)
  rspec (~> 3.1)
  scaleway!

BUNDLED WITH
   1.14.5
